GEM
  remote: https://rubygems.org/
  specs:
    dotenv (2.8.1)
    json (2.6.3)
    openai (0.3.0)

PLATFORMS
  arm64-darwin-21

DEPENDENCIES
  dotenv
  json
  openai

BUNDLED WITH
   2.4.7
